GIT
  remote: https://github.com/rmosolgo/graphql-client.git
  revision: 27ef61fd5d68055401d5d023e5a0f36a766c2664
  branch: start-migrating
  specs:
    graphql-client (0.18.0)
      activesupport (>= 3.0)
      graphql

PATH
  remote: .
  specs:
    langchainrb (0.8.0)
      baran (~> 0.1.9)
      colorize (~> 0.8.1)
      json-schema (~> 4.0.0)
      matrix
      pragmatic_segmenter (~> 0.3.0)
      tiktoken_ruby (~> 0.0.5)
      to_bool (~> 2.0.0)
      zeitwerk (~> 2.5)

GEM
  remote: https://rubygems.org/
  specs:
    Ascii85 (1.0.3)
    actionpack (7.0.8)
      actionview (= 7.0.8)
      activesupport (= 7.0.8)
      rack (~> 2.0, >= 2.2.4)
      rack-test (>= 0.6.3)
      rails-dom-testing (~> 2.0)
      rails-html-sanitizer (~> 1.0, >= 1.2.0)
    actionview (7.0.8)
      activesupport (= 7.0.8)
      builder (~> 3.1)
      erubi (~> 1.4)
      rails-dom-testing (~> 2.0)
      rails-html-sanitizer (~> 1.1, >= 1.2.0)
    activesupport (7.0.8)
      concurrent-ruby (~> 1.0, >= 1.0.2)
      i18n (>= 1.6, < 2)
      minitest (>= 5.1)
      tzinfo (~> 2.0)
    addressable (2.8.4)
      public_suffix (>= 2.0.2, < 6.0)
    afm (0.2.2)
    ai21 (0.2.1)
    anthropic (0.1.0)
      faraday (>= 1)
      faraday-multipart (>= 1)
    ast (2.4.2)
    aws-eventstream (1.2.0)
    aws-partitions (1.848.0)
    aws-sdk-bedrockruntime (1.1.0)
      aws-sdk-core (~> 3, >= 3.184.0)
      aws-sigv4 (~> 1.1)
    aws-sdk-core (3.186.0)
      aws-eventstream (~> 1, >= 1.0.2)
      aws-partitions (~> 1, >= 1.651.0)
      aws-sigv4 (~> 1.5)
      jmespath (~> 1, >= 1.6.1)
    aws-sigv4 (1.6.1)
      aws-eventstream (~> 1, >= 1.0.2)
    baran (0.1.10)
    builder (3.2.4)
    byebug (11.1.3)
    childprocess (4.1.0)
    chroma-db (0.6.0)
      dry-monads (~> 1.6)
      ruby-next (>= 0.15.0)
    coderay (1.1.3)
    cohere-ruby (0.9.7)
      faraday (>= 2.0.1, < 3.0)
    colorize (0.8.1)
    concurrent-ruby (1.2.2)
    crass (1.0.6)
    declarative (0.0.20)
    diff-lcs (1.5.0)
    docx (0.8.0)
      nokogiri (~> 1.13, >= 1.13.0)
      rubyzip (~> 2.0)
    dotenv (2.7.6)
    dotenv-rails (2.7.6)
      dotenv (= 2.7.6)
      railties (>= 3.2)
    dry-configurable (1.0.1)
      dry-core (~> 1.0, < 2)
      zeitwerk (~> 2.6)
    dry-core (1.0.0)
      concurrent-ruby (~> 1.0)
      zeitwerk (~> 2.6)
    dry-inflector (1.0.0)
    dry-initializer (3.1.1)
    dry-logic (1.5.0)
      concurrent-ruby (~> 1.0)
      dry-core (~> 1.0, < 2)
      zeitwerk (~> 2.6)
    dry-monads (1.6.0)
      concurrent-ruby (~> 1.0)
      dry-core (~> 1.0, < 2)
      zeitwerk (~> 2.6)
    dry-schema (1.13.1)
      concurrent-ruby (~> 1.0)
      dry-configurable (~> 1.0, >= 1.0.1)
      dry-core (~> 1.0, < 2)
      dry-initializer (~> 3.0)
      dry-logic (>= 1.4, < 2)
      dry-types (>= 1.7, < 2)
      zeitwerk (~> 2.6)
    dry-struct (1.6.0)
      dry-core (~> 1.0, < 2)
      dry-types (>= 1.7, < 2)
      ice_nine (~> 0.11)
      zeitwerk (~> 2.6)
    dry-types (1.7.1)
      concurrent-ruby (~> 1.0)
      dry-core (~> 1.0)
      dry-inflector (~> 1.0)
      dry-logic (~> 1.4)
      zeitwerk (~> 2.6)
    dry-validation (1.10.0)
      concurrent-ruby (~> 1.0)
      dry-core (~> 1.0, < 2)
      dry-initializer (~> 3.0)
      dry-schema (>= 1.12, < 2)
      zeitwerk (~> 2.6)
    elastic-transport (8.3.0)
      faraday (< 3)
      multi_json
    elasticsearch (8.2.2)
      elastic-transport (~> 8.0)
      elasticsearch-api (= 8.2.2)
    elasticsearch-api (8.2.2)
      multi_json
    epsilla-ruby (0.0.4)
      faraday (>= 1)
    eqn (1.6.5)
      treetop (>= 1.2.0)
    erubi (1.12.0)
    event_stream_parser (0.3.0)
    faraday (2.7.10)
      faraday-net_http (>= 2.0, < 3.1)
      ruby2_keywords (>= 0.0.4)
    faraday-multipart (1.0.4)
      multipart-post (~> 2)
    faraday-net_http (3.0.2)
    faraday-retry (1.0.3)
    google-apis-aiplatform_v1 (0.7.0)
      google-apis-core (>= 0.11.0, < 2.a)
    google-apis-core (0.11.2)
      addressable (~> 2.5, >= 2.5.1)
      googleauth (>= 0.16.2, < 2.a)
      httpclient (>= 2.8.1, < 3.a)
      mini_mime (~> 1.0)
      representable (~> 3.0)
      retriable (>= 2.0, < 4.a)
      rexml
      webrick
    google_palm_api (0.1.3)
      faraday (>= 2.0.1, < 3.0)
    google_search_results (2.0.1)
    googleauth (1.8.1)
      faraday (>= 0.17.3, < 3.a)
      jwt (>= 1.4, < 3.0)
      multi_json (~> 1.11)
      os (>= 0.9, < 2.0)
      signet (>= 0.16, < 2.a)
    graphlient (0.7.0)
      faraday (~> 2.0)
      graphql-client
    graphql (2.1.1)
    hashery (2.1.2)
    hashie (5.0.0)
    hnswlib (0.8.1)
    httparty (0.21.0)
      mini_mime (>= 1.0.0)
      multi_xml (>= 0.5.2)
    httpclient (2.8.3)
    hugging-face (0.3.4)
      faraday (>= 1.0)
    i18n (1.14.1)
      concurrent-ruby (~> 1.0)
    ice_nine (0.11.2)
    jmespath (1.6.2)
    json (2.6.3)
    json-schema (4.0.0)
      addressable (>= 2.8)
    jwt (2.7.1)
    language_server-protocol (3.17.0.3)
    lint_roller (1.0.0)
    llama_cpp (0.9.4)
    loofah (2.21.1)
      crass (~> 1.0.2)
      nokogiri (>= 1.5.9)
    matrix (0.4.2)
    method_source (1.0.0)
    milvus (0.9.2)
      faraday (>= 2.0.1, < 3)
    mini_mime (1.1.2)
    mini_portile2 (2.8.2)
    minitest (5.20.0)
    multi_json (1.15.0)
    multi_xml (0.6.0)
    multipart-post (2.3.0)
    nokogiri (1.14.3)
      mini_portile2 (~> 2.8.0)
      racc (~> 1.4)
    nokogiri (1.14.3-arm64-darwin)
      racc (~> 1.4)
    nokogiri (1.14.3-x86_64-darwin)
      racc (~> 1.4)
    nokogiri (1.14.3-x86_64-linux)
      racc (~> 1.4)
    open-weather-ruby-client (0.4.0)
      activesupport
      faraday (>= 2.0.1)
      faraday-multipart
      hashie
    os (1.1.4)
    parallel (1.23.0)
    parser (3.2.2.1)
      ast (~> 2.4.1)
    pdf-reader (1.4.1)
      Ascii85 (~> 1.0.0)
      afm (~> 0.2.1)
      hashery (~> 2.0)
      ruby-rc4
      ttfunk
    pg (1.5.3)
    pgvector (0.2.1)
    pinecone (0.1.71)
      dry-struct (~> 1.6.0)
      dry-validation (~> 1.10.0)
      httparty (~> 0.21.0)
    polyglot (0.3.5)
    pragmatic_segmenter (0.3.23)
      unicode
    pry (0.14.2)
      coderay (~> 1.1)
      method_source (~> 1.0)
    pry-byebug (3.10.1)
      byebug (~> 11.0)
      pry (>= 0.13, < 0.15)
    public_suffix (5.0.1)
    qdrant-ruby (0.9.4)
      faraday (>= 2.0.1, < 3)
    racc (1.6.2)
    rack (2.2.7)
    rack-test (2.1.0)
      rack (>= 1.3)
    rails-dom-testing (2.0.3)
      activesupport (>= 4.2.0)
      nokogiri (>= 1.6)
    rails-html-sanitizer (1.5.0)
      loofah (~> 2.19, >= 2.19.1)
    railties (7.0.8)
      actionpack (= 7.0.8)
      activesupport (= 7.0.8)
      method_source
      rake (>= 12.2)
      thor (~> 1.0)
      zeitwerk (~> 2.5)
    rainbow (3.1.1)
    rake (13.0.6)
    rb_sys (0.9.83)
    rdiscount (2.2.7)
    regexp_parser (2.8.0)
    replicate-ruby (0.2.3)
      addressable
      faraday (>= 1.0)
      faraday-multipart
      faraday-retry
    representable (3.2.0)
      declarative (< 0.1.0)
      trailblazer-option (>= 0.1.1, < 0.2.0)
      uber (< 0.2.0)
    retriable (3.1.2)
    rexml (3.2.5)
    roo (2.10.0)
      nokogiri (~> 1)
      rubyzip (>= 1.3.0, < 3.0.0)
    rspec (3.12.0)
      rspec-core (~> 3.12.0)
      rspec-expectations (~> 3.12.0)
      rspec-mocks (~> 3.12.0)
    rspec-core (3.12.2)
      rspec-support (~> 3.12.0)
    rspec-expectations (3.12.3)
      diff-lcs (>= 1.2.0, < 2.0)
      rspec-support (~> 3.12.0)
    rspec-mocks (3.12.5)
      diff-lcs (>= 1.2.0, < 2.0)
      rspec-support (~> 3.12.0)
    rspec-support (3.12.0)
    rubocop (1.50.2)
      json (~> 2.3)
      parallel (~> 1.10)
      parser (>= 3.2.0.0)
      rainbow (>= 2.2.2, < 4.0)
      regexp_parser (>= 1.8, < 3.0)
      rexml (>= 3.2.5, < 4.0)
      rubocop-ast (>= 1.28.0, < 2.0)
      ruby-progressbar (~> 1.7)
      unicode-display_width (>= 2.4.0, < 3.0)
    rubocop-ast (1.28.1)
      parser (>= 3.2.1.0)
    rubocop-performance (1.16.0)
      rubocop (>= 1.7.0, < 2.0)
      rubocop-ast (>= 0.4.0)
    ruby-next (0.15.3)
      ruby-next-core (= 0.15.3)
      ruby-next-parser (>= 3.1.1.0)
      unparser (~> 0.6.0)
    ruby-next-core (0.15.3)
    ruby-next-parser (3.1.1.3)
      parser (>= 3.0.3.1)
    ruby-openai (6.1.0)
      event_stream_parser (>= 0.3.0, < 1.0.0)
      faraday (>= 1)
      faraday-multipart (>= 1)
    ruby-progressbar (1.13.0)
    ruby-rc4 (0.1.5)
    ruby2_keywords (0.0.5)
    rubyzip (2.3.2)
    safe_ruby (1.0.4)
      childprocess (>= 0.3.9)
    sequel (5.68.0)
    signet (0.18.0)
      addressable (~> 2.8)
      faraday (>= 0.17.5, < 3.a)
      jwt (>= 1.5, < 3.0)
      multi_json (~> 1.10)
    standard (1.28.2)
      language_server-protocol (~> 3.17.0.2)
      lint_roller (~> 1.0)
      rubocop (~> 1.50.2)
      standard-custom (~> 1.0.0)
      standard-performance (~> 1.0.1)
    standard-custom (1.0.0)
      lint_roller (~> 1.0)
    standard-performance (1.0.1)
      lint_roller (~> 1.0)
      rubocop-performance (~> 1.16.0)
    standardrb (1.0.1)
      standard
    thor (1.2.1)
    tiktoken_ruby (0.0.6)
      rb_sys (~> 0.9.68)
    tiktoken_ruby (0.0.6-arm64-darwin)
    tiktoken_ruby (0.0.6-x86_64-darwin)
    tiktoken_ruby (0.0.6-x86_64-linux)
    to_bool (2.0.0)
    trailblazer-option (0.1.2)
    treetop (1.6.12)
      polyglot (~> 0.3)
    ttfunk (1.7.0)
    tzinfo (2.0.6)
      concurrent-ruby (~> 1.0)
    uber (0.1.0)
    unicode (0.4.4.4)
    unicode-display_width (2.4.2)
    unparser (0.6.8)
      diff-lcs (~> 1.3)
      parser (>= 3.2.0)
    weaviate-ruby (0.8.9)
      faraday (>= 2.0.1, < 3.0)
      graphlient (~> 0.7.0)
    webrick (1.8.1)
    wikipedia-client (1.17.0)
      addressable (~> 2.7)
    yard (0.9.34)
    zeitwerk (2.6.11)

PLATFORMS
  arm64-darwin-21
  arm64-darwin-22
  ruby
  x86_64-darwin-19
  x86_64-darwin-22
  x86_64-linux

DEPENDENCIES
  ai21 (~> 0.2.1)
  anthropic (~> 0.1.0)
  aws-sdk-bedrockruntime (~> 1.1)
  chroma-db (~> 0.6.0)
  cohere-ruby (~> 0.9.7)
  docx (~> 0.8.0)
  dotenv-rails (~> 2.7.6)
  elasticsearch (~> 8.2.0)
  epsilla-ruby (~> 0.0.4)
  eqn (~> 1.6.5)
  google-apis-aiplatform_v1 (~> 0.7)
  google_palm_api (~> 0.1.3)
  google_search_results (~> 2.0.0)
  graphql-client!
  hnswlib (~> 0.8.1)
  hugging-face (~> 0.3.4)
  langchainrb!
  llama_cpp (~> 0.9.4)
  milvus (~> 0.9.2)
  nokogiri (~> 1.13)
  open-weather-ruby-client (~> 0.4.0)
  pdf-reader (~> 1.4)
  pg (~> 1.5)
  pgvector (~> 0.2.1)
  pinecone (~> 0.1.6)
  pry-byebug (~> 3.10.0)
  qdrant-ruby (~> 0.9.4)
  rake (~> 13.0)
  rdiscount (~> 2.2.7)
  replicate-ruby (~> 0.2.2)
  roo (~> 2.10.0)
  rspec (~> 3.0)
  rubocop
  ruby-openai (~> 6.1.0)
  safe_ruby (~> 1.0.4)
  sequel (~> 5.68.0)
  standardrb
  weaviate-ruby (~> 0.8.9)
  wikipedia-client (~> 1.17.0)
  yard (~> 0.9.34)

BUNDLED WITH
   2.3.22
